PATH
  remote: ..
  specs:
    polycrystal (0.1.1)

GEM
  remote: https://rubygems.org/
  specs:

PLATFORMS
  x86_64-darwin-21
  x86_64-linux

DEPENDENCIES
  polycrystal!

BUNDLED WITH
   2.2.33
